GEM
  remote: http://rubygems.org/
  specs:
    actionmailer (2.3.14)
      actionpack (= 2.3.14)
    actionpack (2.3.14)
      activesupport (= 2.3.14)
      rack (~> 1.1.0)
    activerecord (2.3.14)
      activesupport (= 2.3.14)
    activeresource (2.3.14)
      activesupport (= 2.3.14)
    activesupport (2.3.14)
    acts_as_tree (0.1.1)
    addressable (2.2.6)
    authlogic (2.1.6)
      activesupport
    bluecloth (2.1.0)
    ckan (0.0.3)
    cycr (0.1.0)
    haml (3.0.21)
    json_pure (1.6.5)
    net-http-persistent (1.4.1)
    rack (1.1.3)
    rails (2.3.14)
      actionmailer (= 2.3.14)
      actionpack (= 2.3.14)
      activerecord (= 2.3.14)
      activeresource (= 2.3.14)
      activesupport (= 2.3.14)
      rake (>= 0.8.3)
    rake (0.9.2.2)
    rdf (0.3.4.1)
      addressable (>= 2.2.6)
    sparql-client (0.0.11)
      json_pure (>= 1.4.2)
      net-http-persistent (~> 1.4.1)
      rdf (>= 0.3.4)
    sqlite3-ruby (1.2.5)

PLATFORMS
  ruby

DEPENDENCIES
  acts_as_tree
  authlogic
  bluecloth (= 2.1.0)
  ckan (~> 0.0.2)
  cycr (~> 0.1.0)
  haml (= 3.0.21)
  rails (= 2.3.14)
  sparql-client (~> 0.0.9)
  sqlite3-ruby (= 1.2.5)
